GEM
  remote: https://rubygems.org/
  specs:
    chunky_png (1.3.11)
    compass (1.0.3)
      chunky_png (~> 1.2)
      compass-core (~> 1.0.2)
      compass-import-once (~> 1.0.5)
      rb-fsevent (>= 0.9.3)
      rb-inotify (>= 0.9)
      sass (>= 3.3.13, < 3.5)
    compass-core (1.0.3)
      multi_json (~> 1.0)
      sass (>= 3.3.0, < 3.5)
    compass-import-once (1.0.5)
      sass (>= 3.2, < 3.5)
    execjs (2.7.0)
    ffi (1.11.1)
    json (2.2.0)
    multi_json (1.14.1)
    rake (10.3.2)
    rb-fsevent (0.10.3)
    rb-inotify (0.9.10)
      ffi (>= 0.5.0, < 2)
    sass (3.4.25)
    slim (3.0.9)
      temple (>= 0.7.6, < 0.9)
      tilt (>= 1.3.3, < 2.1)
    temple (0.8.2)
    tilt (2.0.10)
    uglifier (2.7.2)
      execjs (>= 0.3.0)
      json (>= 1.8.0)

PLATFORMS
  ruby

DEPENDENCIES
  compass (~> 1.0.1)!
  rake (~> 10.3.2)!
  slim (~> 3.0.0)!
  uglifier (~> 2.7.2)!

BUNDLED WITH
   1.17.3
